GEM
  remote: http://rubygems.org/
  specs:
    activesupport (5.0.1)
      concurrent-ruby (~> 1.0, >= 1.0.2)
      i18n (~> 0.7)
      minitest (~> 5.1)
      tzinfo (~> 1.1)
    addressable (2.5.0)
      public_suffix (~> 2.0, >= 2.0.2)
    ast (2.3.0)
    astrolabe (1.3.1)
      parser (~> 2.2)
    celluloid (0.17.3)
      celluloid-essentials
      celluloid-extras
      celluloid-fsm
      celluloid-pool
      celluloid-supervision
      timers (>= 4.1.1)
    celluloid-essentials (0.20.5)
      timers (>= 4.1.1)
    celluloid-extras (0.20.5)
      timers (>= 4.1.1)
    celluloid-fsm (0.20.5)
      timers (>= 4.1.1)
    celluloid-io (0.17.3)
      celluloid (>= 0.17.2)
      nio4r (>= 1.1)
      timers (>= 4.1.1)
    celluloid-pool (0.20.5)
      timers (>= 4.1.1)
    celluloid-supervision (0.20.6)
      timers (>= 4.1.1)
    concurrent-ruby (1.0.4)
    crack (0.4.3)
      safe_yaml (~> 1.0.0)
    diff-lcs (1.3)
    domain_name (0.5.20161129)
      unf (>= 0.0.5, < 1.0.0)
    faraday (0.11.0)
      multipart-post (>= 1.2, < 3)
    faraday_middleware (0.10.1)
      faraday (>= 0.7.4, < 1.0)
    foreman (0.83.0)
      thor (~> 0.19.1)
    gli (2.15.0)
    hashdiff (0.3.2)
    hashie (3.4.6)
    hitimes (1.2.4)
    http (2.1.0)
      addressable (~> 2.3)
      http-cookie (~> 1.0)
      http-form_data (~> 1.0.1)
      http_parser.rb (~> 0.6.0)
    http-cookie (1.0.3)
      domain_name (~> 0.5)
    http-form_data (1.0.1)
    http_parser.rb (0.6.0)
    i18n (0.7.0)
    json (2.0.3)
    minitest (5.10.1)
    multipart-post (2.0.0)
    nio4r (2.0.0)
    parser (2.3.3.1)
      ast (~> 2.2)
    powerpack (0.1.1)
    public_suffix (2.0.5)
    puma (3.6.2)
    rack (1.6.5)
    rack-protection (1.5.3)
      rack
    rack-test (0.6.3)
      rack (>= 1.0)
    rainbow (2.2.1)
    rake (10.5.0)
    rspec (3.5.0)
      rspec-core (~> 3.5.0)
      rspec-expectations (~> 3.5.0)
      rspec-mocks (~> 3.5.0)
    rspec-core (3.5.4)
      rspec-support (~> 3.5.0)
    rspec-expectations (3.5.0)
      diff-lcs (>= 1.2.0, < 2.0)
      rspec-support (~> 3.5.0)
    rspec-mocks (3.5.0)
      diff-lcs (>= 1.2.0, < 2.0)
      rspec-support (~> 3.5.0)
    rspec-support (3.5.0)
    rubocop (0.31.0)
      astrolabe (~> 1.3)
      parser (>= 2.2.2.1, < 3.0)
      powerpack (~> 0.1)
      rainbow (>= 1.99.1, < 3.0)
      ruby-progressbar (~> 1.4)
    ruby-progressbar (1.8.1)
    safe_yaml (1.0.4)
    sinatra (1.4.7)
      rack (~> 1.5)
      rack-protection (~> 1.4)
      tilt (>= 1.3, < 3)
    slack-ruby-bot (0.9.0)
      hashie
      slack-ruby-client (>= 0.6.0)
    slack-ruby-client (0.7.7)
      activesupport
      faraday
      faraday_middleware
      gli
      hashie
      json
      websocket-driver
    thor (0.19.4)
    thread_safe (0.3.5)
    tilt (2.0.5)
    timers (4.1.2)
      hitimes
    tzinfo (1.2.2)
      thread_safe (~> 0.1)
    unf (0.1.4)
      unf_ext
    unf_ext (0.0.7.2)
    vcr (3.0.3)
    webmock (2.3.2)
      addressable (>= 2.3.6)
      crack (>= 0.3.2)
      hashdiff
    websocket-driver (0.6.4)
      websocket-extensions (>= 0.1.0)
    websocket-extensions (0.1.2)

PLATFORMS
  ruby

DEPENDENCIES
  celluloid-io
  faraday_middleware (= 0.10.1)
  foreman
  http
  puma
  rack-test
  rake (~> 10.4)
  rspec
  rubocop (= 0.31.0)
  sinatra
  slack-ruby-bot
  vcr
  webmock

BUNDLED WITH
   1.14.0
